GEM
  remote: http://rubygems.org/
  specs:
    activesupport (3.0.3)

PLATFORMS
  ruby

DEPENDENCIES
  activesupport (= 3.0.3)
